PATH
  remote: .
  specs:
    unpwn (1.0.1)
      bloomer (~> 1.0)
      pwned (~> 2.0)

GEM
  remote: https://rubygems.org/
  specs:
    addressable (2.8.7)
      public_suffix (>= 2.0.2, < 7.0)
    base64 (0.2.0)
    bitarray (1.3.1)
    bloomer (1.0.0)
      bitarray
      msgpack
    diff-lcs (1.6.2)
    domain_name (0.6.20240107)
    ffi (1.17.2)
    ffi-compiler (1.3.2)
      ffi (>= 1.15.5)
      rake
    http (5.2.0)
      addressable (~> 2.8)
      base64 (~> 0.1)
      http-cookie (~> 1.0)
      http-form_data (~> 2.2)
      llhttp-ffi (~> 0.5.0)
    http-cookie (1.0.8)
      domain_name (~> 0.5)
    http-form_data (2.3.0)
    llhttp-ffi (0.5.1)
      ffi-compiler (~> 1.0)
      rake (~> 13.0)
    msgpack (1.8.0)
    public_suffix (6.0.2)
    pwned (2.4.1)
    rake (13.2.1)
    rspec (3.13.0)
      rspec-core (~> 3.13.0)
      rspec-expectations (~> 3.13.0)
      rspec-mocks (~> 3.13.0)
    rspec-core (3.13.3)
      rspec-support (~> 3.13.0)
    rspec-expectations (3.13.4)
      diff-lcs (>= 1.2.0, < 2.0)
      rspec-support (~> 3.13.0)
    rspec-mocks (3.13.4)
      diff-lcs (>= 1.2.0, < 2.0)
      rspec-support (~> 3.13.0)
    rspec-support (3.13.3)

PLATFORMS
  ruby

DEPENDENCIES
  bundler (>= 1)
  http (~> 5.0)
  rake (~> 13.0)
  rspec (~> 3.0)
  unpwn!

BUNDLED WITH
   2.6.9
